GIT
  remote: https://github.com/rodjek/rspec-puppet.git
  revision: 5cc25d0083a4abc352ab13bd48f225f668311a3e
  specs:
    rspec-puppet (2.7.3)
      rspec

GIT
  remote: https://github.com/voxpupuli/voxpupuli-release-gem.git
  revision: fd8f279de8dcae75f7bac7daed8e482aaedaed9a
  specs:
    voxpupuli-release (0.4.0.pre)
      puppet-blacksmith (>= 4.0.0)
      rake

GEM
  remote: https://rubygems.org/
  specs:
    activesupport (5.2.8.1)
      concurrent-ruby (~> 1.0, >= 1.0.2)
      i18n (>= 0.7, < 2)
      minitest (~> 5.1)
      tzinfo (~> 1.1)
    addressable (2.8.1)
      public_suffix (>= 2.0.2, < 6.0)
    ansi (1.5.0)
    ast (2.4.2)
    backports (3.23.0)
    bcrypt_pbkdf (1.1.0)
    beaker (4.38.1)
      beaker-hostgenerator
      ed25519 (~> 1.0)
      hocon (~> 1.0)
      in-parallel (~> 0.1)
      inifile (~> 3.0)
      minitar (~> 0.6)
      minitest (~> 5.4)
      net-scp (>= 1.2, < 4.0)
      net-ssh (>= 5.0)
      open_uri_redirections (~> 0.2.1)
      rexml
      rsync (~> 1.0.9)
      stringify-hash (~> 0.0)
      thor (>= 1.0.1, < 2.0)
    beaker-abs (0.11.0)
      bcrypt_pbkdf (>= 1.0, < 2.0)
      beaker (~> 4.0)
      ed25519 (>= 1.2, < 2.0)
      vmfloaty (>= 1.0, < 2)
    beaker-answers (0.29.0)
      hocon (~> 1.0)
      require_all (>= 1.3.2, < 3.1.0)
      stringify-hash (~> 0.0.0)
    beaker-hostgenerator (1.17.0)
      deep_merge (~> 1.0)
    beaker-pe (2.11.22)
      beaker (~> 4.0)
      beaker-abs
      beaker-answers (~> 0.0)
      beaker-puppet (~> 1.0)
      beaker-vmpooler (~> 1.0)
      stringify-hash (~> 0.0.0)
    beaker-puppet (1.28.0)
      beaker (~> 4.1)
      in-parallel (~> 0.1)
      oga
    beaker-puppet_install_helper (0.9.8)
      beaker (~> 4.0)
      beaker-pe (~> 2.0)
    beaker-rspec (6.2.4)
      beaker (> 3.0)
      rspec (~> 3.0)
      serverspec (~> 2)
      specinfra (~> 2)
    beaker-vmpooler (1.4.0)
      stringify-hash (~> 0.0.0)
    coderay (1.1.3)
    colorize (0.8.1)
    commander (4.4.6)
      highline (~> 1.7.2)
    concurrent-ruby (1.1.10)
    deep_merge (1.2.2)
    diff-lcs (1.5.0)
    domain_name (0.5.20190701)
      unf (>= 0.0.5, < 1.0.0)
    ed25519 (1.3.0)
    ethon (0.15.0)
      ffi (>= 1.15.0)
    facter (2.5.1)
    facterdb (1.19.0)
      facter (< 5.0.0)
      jgrep
    faraday (0.17.5)
      multipart-post (>= 1.2, < 3)
    faraday_middleware (0.14.0)
      faraday (>= 0.7.4, < 1.0)
    fast_gettext (1.1.2)
    ffi (1.15.5)
    formatador (1.1.0)
    gh (0.16.0)
      activesupport (~> 5.0)
      addressable (~> 2.4)
      faraday (~> 0.8)
      faraday_middleware (~> 0.14)
      multi_json (~> 1.0)
      net-http-persistent (~> 2.9)
      net-http-pipeline
    guard (2.18.0)
      formatador (>= 0.2.4)
      listen (>= 2.7, < 4.0)
      lumberjack (>= 1.0.12, < 2.0)
      nenv (~> 0.1)
      notiffany (~> 0.0)
      pry (>= 0.13.0)
      shellany (~> 0.0)
      thor (>= 0.18.1)
    guard-rake (1.0.0)
      guard
      rake
    hiera (3.5.0)
    highline (1.7.10)
    hocon (1.3.1)
    http-accept (1.7.0)
    http-cookie (1.0.5)
      domain_name (~> 0.5)
    i18n (1.12.0)
      concurrent-ruby (~> 1.0)
    in-parallel (0.1.17)
    inifile (3.0.0)
    jaro_winkler (1.5.4)
    jgrep (1.5.4)
    json (2.6.2)
    json-schema (2.8.1)
      addressable (>= 2.4)
    launchy (2.5.0)
      addressable (~> 2.7)
    listen (3.7.1)
      rb-fsevent (~> 0.10, >= 0.10.3)
      rb-inotify (~> 0.9, >= 0.9.10)
    locale (2.1.3)
    lumberjack (1.2.8)
    mcollective-client (2.12.5)
      json
      stomp
      systemu
    metadata-json-lint (2.2.0)
      json-schema (~> 2.8)
      spdx-licenses (~> 1.0)
    method_source (1.0.0)
    mime-types (3.4.1)
      mime-types-data (~> 3.2015)
    mime-types-data (3.2022.0105)
    minitar (0.9)
    minitest (5.16.3)
    mocha (1.15.0)
    multi_json (1.15.0)
    multipart-post (2.2.3)
    nenv (0.3.0)
    net-http-persistent (2.9.4)
    net-http-pipeline (1.0.1)
    net-scp (1.2.1)
      net-ssh (>= 2.6.5)
    net-ssh (7.0.1)
    net-telnet (0.1.1)
    netrc (0.11.0)
    notiffany (0.1.3)
      nenv (~> 0.1)
      shellany (~> 0.0)
    oga (3.4)
      ast
      ruby-ll (~> 2.1)
    open_uri_redirections (0.2.1)
    parallel (1.22.1)
    parser (3.1.2.1)
      ast (~> 2.4.1)
    pathspec (0.2.1)
    pry (0.14.1)
      coderay (~> 1.1)
      method_source (~> 1.0)
    public_suffix (5.0.0)
    puppet (5.5.6)
      facter (> 2.0.1, < 4)
      fast_gettext (~> 1.1.2)
      hiera (>= 3.2.1, < 4)
      locale (~> 2.1)
      multi_json (~> 1.10)
    puppet-blacksmith (4.1.2)
      rest-client (~> 2.0)
    puppet-lint (2.3.6)
    puppet-lint-absolute_classname-check (1.0.0)
      puppet-lint (>= 1.0, < 3.0)
    puppet-lint-classes_and_types_beginning_with_digits-check (0.1.2)
      puppet-lint (>= 1.0, < 3.0)
    puppet-lint-duplicate_class_parameters-check (1.0.4)
      puppet-lint (>= 1.1, < 3.0)
    puppet-lint-leading_zero-check (0.1.1)
      puppet-lint (>= 1.0, < 3.0)
    puppet-lint-legacy_facts-check (1.0.1)
      puppet-lint (~> 2.0)
    puppet-lint-param-docs (1.5.0)
      puppet-lint (>= 1.1, < 3.0)
    puppet-lint-resource_reference_syntax (1.0.14)
      puppet-lint (>= 1.0, < 3.0)
    puppet-lint-strict_indent-check (2.0.7)
      puppet-lint (> 1.0)
    puppet-lint-trailing_comma-check (0.4.2)
      puppet-lint (>= 1.0, < 3.0)
    puppet-lint-unquoted_string-check (0.3.0)
      puppet-lint (>= 1.0, < 3.0)
    puppet-lint-variable_contains_upcase (1.2.0)
      puppet-lint (>= 1.0, < 3.0)
    puppet-lint-version_comparison-check (0.2.1)
      puppet-lint (>= 1.0, < 3.0)
    puppet-strings (2.2.0)
      rgen
      yard (~> 0.9.5)
    puppet-syntax (2.6.1)
      puppet (>= 5)
      rake
    puppetlabs_spec_helper (2.14.1)
      mocha (~> 1.0)
      pathspec (~> 0.2.1)
      puppet-lint (~> 2.0)
      puppet-syntax (~> 2.0)
      rspec-puppet (~> 2.0)
    pusher-client (0.6.2)
      json
      websocket (~> 1.0)
    rainbow (3.1.1)
    rake (13.0.6)
    rb-fsevent (0.11.2)
    rb-inotify (0.10.1)
      ffi (~> 1.0)
    require_all (3.0.0)
    rest-client (2.1.0)
      http-accept (>= 1.7.0, < 2.0)
      http-cookie (>= 1.0.2, < 2.0)
      mime-types (>= 1.16, < 4.0)
      netrc (~> 0.8)
    rexml (3.2.5)
    rgen (0.9.0)
    rspec (3.11.0)
      rspec-core (~> 3.11.0)
      rspec-expectations (~> 3.11.0)
      rspec-mocks (~> 3.11.0)
    rspec-core (3.11.0)
      rspec-support (~> 3.11.0)
    rspec-expectations (3.11.1)
      diff-lcs (>= 1.2.0, < 2.0)
      rspec-support (~> 3.11.0)
    rspec-its (1.3.0)
      rspec-core (>= 3.0.0)
      rspec-expectations (>= 3.0.0)
    rspec-mocks (3.11.1)
      diff-lcs (>= 1.2.0, < 2.0)
      rspec-support (~> 3.11.0)
    rspec-puppet-facts (1.9.2)
      facter
      facterdb (>= 0.5.0)
      json
      mcollective-client
      puppet
    rspec-puppet-utils (3.4.0)
      mocha
      puppet
      puppetlabs_spec_helper
      rspec
      rspec-puppet
    rspec-support (3.11.1)
    rsync (1.0.9)
    rubocop (0.69.0)
      jaro_winkler (~> 1.5.1)
      parallel (~> 1.10)
      parser (>= 2.6)
      rainbow (>= 2.2.2, < 4.0)
      ruby-progressbar (~> 1.7)
      unicode-display_width (>= 1.4.0, < 1.7)
    ruby-ll (2.1.2)
      ansi
      ast
    ruby-progressbar (1.11.0)
    semantic_puppet (1.0.2)
    serverspec (2.42.0)
      multi_json
      rspec (~> 3.0)
      rspec-its
      specinfra (~> 2.72)
    sfl (2.3)
    shellany (0.0.1)
    spdx-licenses (1.3.0)
    specinfra (2.83.3)
      net-scp
      net-ssh (>= 2.7)
      net-telnet (= 0.1.1)
      sfl
    stomp (1.4.10)
    stringify-hash (0.0.2)
    systemu (2.6.5)
    thor (1.2.1)
    thread_safe (0.3.6)
    travis (1.8.10)
      backports
      faraday (~> 0.9)
      faraday_middleware (~> 0.9, >= 0.9.1)
      gh (~> 0.13)
      highline (~> 1.6)
      launchy (~> 2.1)
      pusher-client (~> 0.4)
      typhoeus (~> 0.6, >= 0.6.8)
    travis-lint (2.0.0)
      json
    typhoeus (0.8.0)
      ethon (>= 0.8.0)
    tzinfo (1.2.10)
      thread_safe (~> 0.1)
    unf (0.1.4)
      unf_ext
    unf_ext (0.0.8.2)
    unicode-display_width (1.6.1)
    vmfloaty (1.3.0)
      colorize (~> 0.8.1)
      commander (>= 4.4.3, < 4.6.0)
      faraday (~> 0.17.0)
    webrick (1.7.0)
    websocket (1.2.9)
    yard (0.9.28)
      webrick (~> 1.7.0)

PLATFORMS
  ruby

DEPENDENCIES
  beaker-puppet_install_helper
  beaker-rspec
  facter (= 2.5.1)
  guard-rake
  hiera
  metadata-json-lint
  puppet (= 5.5.6)
  puppet-blacksmith
  puppet-lint
  puppet-lint-absolute_classname-check
  puppet-lint-classes_and_types_beginning_with_digits-check
  puppet-lint-duplicate_class_parameters-check
  puppet-lint-leading_zero-check
  puppet-lint-legacy_facts-check
  puppet-lint-param-docs
  puppet-lint-resource_reference_syntax
  puppet-lint-strict_indent-check
  puppet-lint-trailing_comma-check
  puppet-lint-unquoted_string-check
  puppet-lint-variable_contains_upcase
  puppet-lint-version_comparison-check
  puppet-strings
  puppetlabs_spec_helper
  rspec-puppet!
  rspec-puppet-facts
  rspec-puppet-utils
  rubocop
  semantic_puppet
  travis
  travis-lint
  voxpupuli-release!

BUNDLED WITH
   1.17.3
